GIT
  remote: git://github.com/bhollis/maruku.git
  revision: 374d7d2333e8b1789e86f5199743322e3642be1e
  specs:
    maruku (0.7.0.beta1)
      nokogiri (~> 1.5, >= 1.5.6)

GEM
  remote: http://rubygems.org/
  specs:
    POpen4 (0.1.4)
      Platform (>= 0.4.0)
      open4
    Platform (0.4.0)
    builder (3.1.4)
    daemons (1.1.9)
    eventmachine (1.0.0)
    eventmachine (1.0.0-x86-mingw32)
    foreman (0.61.0)
      thor (>= 0.13.6)
    foreman (0.61.0-x86-mingw32)
      thor (>= 0.13.6)
      win32console (~> 1.3.0)
    haml (3.1.7)
    html_truncator (0.3.0)
      nokogiri (~> 1.4)
    nokogiri (1.5.6)
    nokogiri (1.5.6-x86-mingw32)
    open4 (1.3.0)
    posix-spawn (0.3.6)
    pygments.rb (0.3.7)
      posix-spawn (~> 0.3.6)
      yajl-ruby (~> 1.1.0)
    rack (1.4.4)
    rack-protection (1.3.2)
      rack
    rake (10.0.3)
    sass (3.2.5)
    sinatra (1.3.3)
      rack (~> 1.3, >= 1.3.6)
      rack-protection (~> 1.2)
      tilt (~> 1.3, >= 1.3.3)
    thin (1.5.0)
      daemons (>= 1.0.9)
      eventmachine (>= 0.12.6)
      rack (>= 1.0.0)
    thor (0.14.6)
    tilt (1.3.3)
    win32console (1.3.2-x86-mingw32)
    yajl-ruby (1.1.0)
    yajl-ruby (1.1.0-x86-mingw32)
    yui-compressor (0.9.6)
      POpen4 (>= 0.1.4)

PLATFORMS
  ruby
  x86-mingw32

DEPENDENCIES
  builder
  foreman
  haml
  html_truncator
  maruku!
  nokogiri
  pygments.rb
  rake
  sass
  sinatra
  thin
  yui-compressor
