GEM
  remote: http://rubygems.org/
  specs:
    redcarpet (2.1.0)

PLATFORMS
  ruby

DEPENDENCIES
  redcarpet
