GEM
  remote: http://rubygems.org/
  specs:
    domain_name (0.5.2)
      unf (~> 0.0.3)
    mechanize (2.1.1)
      domain_name (~> 0.5, >= 0.5.1)
      net-http-digest_auth (~> 1.1, >= 1.1.1)
      net-http-persistent (~> 2.4, >= 2.4.1)
      nokogiri (~> 1.4)
      ntlm-http (~> 0.1, >= 0.1.1)
      webrobots (~> 0.0, >= 0.0.9)
    net-http-digest_auth (1.2)
    net-http-persistent (2.4.1)
    nokogiri (1.5.0)
    ntlm-http (0.1.1)
    redcarpet (2.1.0)
    unf (0.0.4)
      unf_ext
    unf_ext (0.0.4)
    webrobots (0.0.13)
    wordpress (0.1.7)
      mechanize

PLATFORMS
  ruby

DEPENDENCIES
  redcarpet
  wordpress
